GEM
  remote: http://rubygems.org/
  specs:
    aws-s3 (0.6.2)
      builder
      mime-types
      xml-simple
    builder (3.1.4)
    em-ftpd (0.0.1)
      eventmachine (~> 1.0.0.beta1)
    eventmachine (1.0.0)
    mime-types (1.19)
    xml-simple (1.1.2)

PLATFORMS
  ruby

DEPENDENCIES
  aws-s3 (= 0.6.2)
  em-ftpd (= 0.0.1)
